GEM
  remote: https://rubygems.org/
  specs:
    breakpoint (2.5.0)
      sass (~> 3.3)
      sassy-maps (< 1.0.0)
    chroma-sass (1.0.1)
      sass (~> 3.4)
    chunky_png (1.3.4)
    compass (1.0.3)
      chunky_png (~> 1.2)
      compass-core (~> 1.0.2)
      compass-import-once (~> 1.0.5)
      rb-fsevent (>= 0.9.3)
      rb-inotify (>= 0.9)
      sass (>= 3.3.13, < 3.5)
    compass-core (1.0.3)
      multi_json (~> 1.0)
      sass (>= 3.3.0, < 3.5)
    compass-import-once (1.0.5)
      sass (>= 3.2, < 3.5)
    ffi (1.9.10)
    multi_json (1.11.2)
    oily_png (1.2.0)
      chunky_png (~> 1.3.1)
    rainbow (2.0.0)
    rb-fsevent (0.9.6)
    rb-inotify (0.9.5)
      ffi (>= 0.5.0)
    sass (3.4.18)
    sass-globbing (1.1.1)
      sass (>= 3.1)
    sassy-maps (0.4.0)
      sass (~> 3.3)
    scss_lint (0.42.1)
      rainbow (~> 2.0)
      sass (~> 3.4.15)
    typey (1.0.0.beta.8)
      sass (~> 3.3)
    zen-grids (2.0.0.beta.3)
      sass (~> 3.3)

PLATFORMS
  ruby

DEPENDENCIES
  breakpoint (~> 2.5.0)
  chroma-sass (~> 1.0.0.beta.2)
  compass (~> 1.0)
  compass-import-once (~> 1.0)
  oily_png (~> 1.1)
  sass (~> 3.4)
  sass-globbing (~> 1.1)
  scss_lint (~> 0.39)
  typey (~> 1.0.0.beta.5)
  zen-grids (>= 2.0.0.beta.3)

BUNDLED WITH
   1.10.6
